GIT
  remote: https://github.com/verse-rb/verse-core.git
  revision: 49d83aa2136355dcb86420c8f00052bfe73d5e2e
  branch: master
  specs:
    verse-core (2.0.0)
      i18n (~> 1.10.0)
      thor (~> 1.2.1)
      verse-schema (~> 0.1.0)

GIT
  remote: https://github.com/verse-rb/verse-schema.git
  revision: 86c37917b6b1bc9eb5c337cbd2e0eab3476f505a
  branch: master
  specs:
    verse-schema (0.1.0)

PATH
  remote: .
  specs:
    verse-shrine (0.1.0)
      shrine (~> 3.5)

GEM
  remote: https://rubygems.org/
  specs:
    addressable (2.8.6)
      public_suffix (>= 2.0.2, < 6.0)
    ast (2.4.2)
    bootsnap (1.18.3)
      msgpack (~> 1.2)
    coderay (1.1.3)
    concurrent-ruby (1.2.3)
    content_disposition (1.0.0)
    diff-lcs (1.5.1)
    docile (1.4.0)
    down (5.4.2)
      addressable (~> 2.8)
    i18n (1.10.0)
      concurrent-ruby (~> 1.0)
    json (2.7.2)
    language_server-protocol (3.17.0.3)
    method_source (1.1.0)
    msgpack (1.7.2)
    parallel (1.24.0)
    parser (3.3.0.5)
      ast (~> 2.4.1)
      racc
    pry (0.14.2)
      coderay (~> 1.1)
      method_source (~> 1.0)
    public_suffix (5.0.5)
    racc (1.7.3)
    rainbow (3.1.1)
    rake (13.2.1)
    regexp_parser (2.9.0)
    relaxed-rubocop (2.5)
    rexml (3.2.6)
    rspec (3.13.0)
      rspec-core (~> 3.13.0)
      rspec-expectations (~> 3.13.0)
      rspec-mocks (~> 3.13.0)
    rspec-core (3.13.0)
      rspec-support (~> 3.13.0)
    rspec-expectations (3.13.0)
      diff-lcs (>= 1.2.0, < 2.0)
      rspec-support (~> 3.13.0)
    rspec-mocks (3.13.0)
      diff-lcs (>= 1.2.0, < 2.0)
      rspec-support (~> 3.13.0)
    rspec-support (3.13.1)
    rubocop (1.63.3)
      json (~> 2.3)
      language_server-protocol (>= 3.17.0)
      parallel (~> 1.10)
      parser (>= 3.3.0.2)
      rainbow (>= 2.2.2, < 4.0)
      regexp_parser (>= 1.8, < 3.0)
      rexml (>= 3.2.5, < 4.0)
      rubocop-ast (>= 1.31.1, < 2.0)
      ruby-progressbar (~> 1.7)
      unicode-display_width (>= 2.4.0, < 3.0)
    rubocop-ast (1.31.2)
      parser (>= 3.3.0.4)
    ruby-progressbar (1.13.0)
    shrine (3.5.0)
      content_disposition (~> 1.0)
      down (~> 5.1)
    simplecov (0.22.0)
      docile (~> 1.1)
      simplecov-html (~> 0.11)
      simplecov_json_formatter (~> 0.1)
    simplecov-html (0.12.3)
    simplecov_json_formatter (0.1.4)
    thor (1.2.2)
    unicode-display_width (2.5.0)

PLATFORMS
  x86_64-linux

DEPENDENCIES
  bootsnap
  pry
  rake (~> 13.0)
  relaxed-rubocop
  rspec (~> 3.0)
  rubocop (~> 1.21)
  simplecov
  verse-core!
  verse-schema!
  verse-shrine!

BUNDLED WITH
   2.4.10
